GEM
  remote: http://rubygems.org/
  specs:
    addressable (2.2.8)
    builder (3.0.0)
    childprocess (0.3.2)
      ffi (~> 1.0.6)
    commonwatir (3.0.0)
    ffi (1.0.11)
    hoe (3.0.6)
      rake (~> 0.8)
    libwebsocket (0.1.3)
      addressable
    multi_json (1.3.5)
    nokogiri (1.5.2-x86-mingw32)
    page-object (0.6.6)
      selenium-webdriver (>= 2.21.2)
      watir-webdriver (>= 0.5.5)
    rake (0.9.2.2)
    rautomation (0.7.2)
    rubyzip (0.9.8)
    s4t-utils (1.0.4)
      hoe (>= 1.3.0)
    selenium-webdriver (2.21.2)
      childprocess (>= 0.2.5)
      ffi (~> 1.0)
      libwebsocket (~> 0.1.3)
      multi_json (~> 1.0)
      rubyzip
    user-choices (1.1.6.1)
      builder (>= 2.1.2)
      s4t-utils (>= 1.0.3)
      xml-simple (>= 1.0.11)
    watir (3.0.0)
      commonwatir (= 3.0.0)
      watir-classic (~> 3)
    watir-classic (3.0.0)
      ffi (~> 1.0)
      nokogiri
      rautomation (~> 0.7.2)
      user-choices
      win32-process (>= 0.5.5)
      windows-pr (>= 0.6.6)
    watir-webdriver (0.5.8)
      selenium-webdriver (>= 2.18.0)
    win32-api (1.4.8-x86-mingw32)
    win32-process (0.6.5)
      windows-pr (>= 1.1.2)
    windows-api (0.4.1)
      win32-api (>= 1.4.5)
    windows-pr (1.2.1)
      win32-api (>= 1.4.5)
      windows-api (>= 0.3.0)
    xml-simple (1.1.1)

PLATFORMS
  x86-mingw32

DEPENDENCIES
  nokogiri
  page-object
  watir
  watir-webdriver
